GEM
  remote: https://rubygems.org/
  specs:
    daemons (1.2.4)
    econfig (2.0.0)
    eventmachine (1.2.0.1)
    json (2.0.2)
    minitest (5.9.1)
    minitest-rg (5.2.0)
      minitest (~> 5.0)
    rack (1.6.4)
    rack-protection (1.5.3)
      rack
    rack-test (0.6.3)
      rack (>= 1.0)
    rake (11.3.0)
    sinatra (1.4.7)
      rack (~> 1.5)
      rack-protection (~> 1.4)
      tilt (>= 1.3, < 3)
    thin (1.7.0)
      daemons (~> 1.0, >= 1.0.9)
      eventmachine (~> 1.0, >= 1.0.4)
      rack (>= 1, < 3)
    tilt (2.0.5)

PLATFORMS
  ruby

DEPENDENCIES
  econfig
  json
  minitest
  minitest-rg
  rack
  rack-test
  rake
  sinatra
  thin

BUNDLED WITH
   1.13.6
